GEM
  remote: https://rubygems.org/
  specs:
    geocoder (1.8.1)
    httparty (0.21.0)
      mini_mime (>= 1.0.0)
      multi_xml (>= 0.5.2)
    json (2.6.3)
    logger (1.5.3)
    mini_mime (1.1.2)
    mocha (2.0.2)
      ruby2_keywords (>= 0.0.5)
    multi_xml (0.6.0)
    pg (1.4.6)
    power_assert (2.0.3)
    ruby2_keywords (0.0.5)
    test-unit (3.5.7)
      power_assert
    uri (0.12.1)

PLATFORMS
  ruby
  x86_64-darwin-21
  x86_64-darwin-22

DEPENDENCIES
  geocoder
  httparty
  json
  logger
  mocha
  pg
  test-unit
  uri

BUNDLED WITH
   2.3.4
