GEM
  remote: https://rubygems.org/
  specs:
    diff-lcs (1.5.0)
<<<<<<< HEAD
<<<<<<< HEAD
    geocoder (1.8.2)
=======
    geocoder (1.8.1)
>>>>>>> 9682df6 (Tests and updates to the pipeline)
=======
    geocoder (1.8.2)
>>>>>>> 186b76a (bumping Ruby version)
    json (2.6.3)
    logger (1.5.3)
    mocha (2.1.0)
      ruby2_keywords (>= 0.0.5)
    power_assert (2.0.3)
    rspec (3.12.0)
      rspec-core (~> 3.12.0)
      rspec-expectations (~> 3.12.0)
      rspec-mocks (~> 3.12.0)
    rspec-core (3.12.2)
      rspec-support (~> 3.12.0)
    rspec-expectations (3.12.3)
      diff-lcs (>= 1.2.0, < 2.0)
      rspec-support (~> 3.12.0)
<<<<<<< HEAD
<<<<<<< HEAD
    rspec-mocks (3.12.6)
      diff-lcs (>= 1.2.0, < 2.0)
      rspec-support (~> 3.12.0)
    rspec-support (3.12.1)
=======
    rspec-mocks (3.12.5)
      diff-lcs (>= 1.2.0, < 2.0)
      rspec-support (~> 3.12.0)
    rspec-support (3.12.0)
>>>>>>> 9682df6 (Tests and updates to the pipeline)
=======
    rspec-mocks (3.12.6)
      diff-lcs (>= 1.2.0, < 2.0)
      rspec-support (~> 3.12.0)
    rspec-support (3.12.1)
>>>>>>> 186b76a (bumping Ruby version)
    ruby2_keywords (0.0.5)
    test-unit (3.6.1)
      power_assert
    uri (0.12.2)

PLATFORMS
  x86_64-darwin-22

DEPENDENCIES
  geocoder
  json
  logger
  mocha
  rspec (~> 3.12)
  test-unit
  uri

BUNDLED WITH
   2.4.12
