GEM
  remote: https://rubygems.org/
  specs:
    diff-lcs (1.5.0)
    geocoder (1.8.1)
    json (2.6.3)
    logger (1.5.3)
    mocha (2.0.2)
      ruby2_keywords (>= 0.0.5)
    power_assert (2.0.3)
    rspec (3.12.0)
      rspec-core (~> 3.12.0)
      rspec-expectations (~> 3.12.0)
      rspec-mocks (~> 3.12.0)
    rspec-core (3.12.2)
      rspec-support (~> 3.12.0)
    rspec-expectations (3.12.3)
      diff-lcs (>= 1.2.0, < 2.0)
      rspec-support (~> 3.12.0)
    rspec-mocks (3.12.5)
      diff-lcs (>= 1.2.0, < 2.0)
      rspec-support (~> 3.12.0)
    rspec-support (3.12.0)
    ruby2_keywords (0.0.5)
    test-unit (3.5.7)
      power_assert
    uri (0.12.1)

PLATFORMS
  x86_64-darwin-22

DEPENDENCIES
  geocoder
  json
  logger
  mocha
  rspec (~> 3.12)
  test-unit
  uri

BUNDLED WITH
   2.4.12