GEM
  remote: https://rubygems.org/
  specs:
    geocoder (1.8.1)
    json (2.6.3)
    logger (1.5.3)
    mocha (2.0.2)
      ruby2_keywords (>= 0.0.5)
    power_assert (2.0.3)
    ruby2_keywords (0.0.5)
    test-unit (3.5.7)
      power_assert
    uri (0.12.1)

PLATFORMS
  x86_64-darwin-22

DEPENDENCIES
  geocoder
  json
  logger
  mocha
  test-unit
  uri

BUNDLED WITH
   2.4.12